GEM
  remote: http://rubygems.org/
  specs:
    classifier (1.3.3)
      fast-stemmer (>= 1.0.0)
    fast-stemmer (1.0.0)
    mime-types (1.16)
    nest (1.1.0)
      redis (~> 2.1)
    ohm (0.1.3)
      nest (~> 1.0)
    ohm-contrib (0.1.1)
      ohm
    rake (0.8.7)
    redis (2.1.1)
    typhoeus (0.2.4)
      mime-types
      mime-types

PLATFORMS
  ruby

DEPENDENCIES
  classifier (~> 1.3.3)
  ohm (~> 0.1.3)
  ohm-contrib (~> 0.1.1)
  rake (~> 0.8.7)
  typhoeus (~> 0.2.4)
